GEM
  specs:
    jekyll-paginate (1.1.0)
    kramdown (1.10.0)
    redcarpet (3.3.4)
    rouge (1.9.0)

PLATFORMS
  ruby

DEPENDENCIES
  jekyll-paginate
  kramdown
  redcarpet
  rouge

BUNDLED WITH
   1.11.2
